GEM
  remote: https://rubygems.org/
  specs:
    rpi_gpio (0.3.2)

PLATFORMS
  ruby

DEPENDENCIES
  rpi_gpio

BUNDLED WITH
   1.12.5
