GIT
  remote: https://github.com/nicolassatragno/rpi_gpio.git
  revision: 0832ebd6ad418500e8453e4cd77b13abd117bcc1
  specs:
    rpi_gpio (0.3.0)

GEM
  remote: https://rubygems.org/
  specs:

PLATFORMS
  ruby

DEPENDENCIES
  rpi_gpio!

BUNDLED WITH
   1.12.5
